PATH
  remote: .
  specs:
    enop (0.1.7)
      arxutils_sqlite3
      evernote_oauth
      ykutils
      ykxutils

GEM
  remote: https://rubygems.org/
  specs:
    activemodel (6.1.7.3)
      activesupport (= 6.1.7.3)
    activerecord (6.1.7.3)
      activemodel (= 6.1.7.3)
      activesupport (= 6.1.7.3)
    activesupport (6.1.7.3)
      concurrent-ruby (~> 1.0, >= 1.0.2)
      i18n (>= 1.6, < 2)
      minitest (>= 5.1)
      tzinfo (~> 2.0)
      zeitwerk (~> 2.3)
    arxutils_sqlite3 (0.1.61)
      activerecord (~> 6.1)
      activesupport
      bundler
      rake (~> 13.0)
      simpleoptparse
      sqlite3
      ykutils
      ykxutils
    ast (2.4.2)
    concurrent-ruby (1.2.2)
    diff-lcs (1.5.0)
    erubi (1.12.0)
    erubis (2.7.0)
    evernote-thrift (1.25.2)
    evernote_oauth (0.2.3)
      evernote-thrift
      oauth (>= 0.4.1)
    filex (0.1.8)
      bundler
      erubis
      messagex
      rake (~> 13.0)
    hashie (5.0.0)
    i18n (1.12.0)
      concurrent-ruby (~> 1.0)
    json (2.7.1)
    language_server-protocol (3.17.0.3)
    messagex (0.1.5)
    minitest (5.18.0)
    oauth (1.1.0)
      oauth-tty (~> 1.0, >= 1.0.1)
      snaky_hash (~> 2.0)
      version_gem (~> 1.1)
    oauth-tty (1.0.5)
      version_gem (~> 1.1, >= 1.1.1)
    parallel (1.24.0)
    parser (3.2.2.4)
      ast (~> 2.4.1)
      racc
    racc (1.7.3)
    rainbow (3.1.1)
    rake (13.0.6)
    regexp_parser (2.8.3)
    rexml (3.2.6)
    rspec (3.11.0)
      rspec-core (~> 3.11.0)
      rspec-expectations (~> 3.11.0)
      rspec-mocks (~> 3.11.0)
    rspec-core (3.11.0)
      rspec-support (~> 3.11.0)
    rspec-expectations (3.11.1)
      diff-lcs (>= 1.2.0, < 2.0)
      rspec-support (~> 3.11.0)
    rspec-mocks (3.11.2)
      diff-lcs (>= 1.2.0, < 2.0)
      rspec-support (~> 3.11.0)
    rspec-support (3.11.1)
    rubocop (1.59.0)
      json (~> 2.3)
      language_server-protocol (>= 3.17.0)
      parallel (~> 1.10)
      parser (>= 3.2.2.4)
      rainbow (>= 2.2.2, < 4.0)
      regexp_parser (>= 1.8, < 3.0)
      rexml (>= 3.2.5, < 4.0)
      rubocop-ast (>= 1.30.0, < 2.0)
      ruby-progressbar (~> 1.7)
      unicode-display_width (>= 2.4.0, < 3.0)
    rubocop-ast (1.30.0)
      parser (>= 3.2.1.0)
    rubocop-rake (0.6.0)
      rubocop (~> 1.0)
    rubocop-rspec (2.13.2)
      rubocop (~> 1.33)
    ruby-progressbar (1.13.0)
    simpleoptparse (0.1.2)
    snaky_hash (2.0.1)
      hashie
      version_gem (~> 1.1, >= 1.1.1)
    sqlite3 (1.6.2-x86_64-linux)
    tilt (2.1.0)
    tzinfo (2.0.6)
      concurrent-ruby (~> 1.0)
    unicode-display_width (2.5.0)
    version_gem (1.1.2)
    yard (0.9.34)
    ykutils (0.1.7)
      erubi
      filex
      tilt
    ykxutils (0.1.8)
      bundler
      erubi
      rake (~> 13.0)
      tilt
    zeitwerk (2.6.7)

PLATFORMS
  x86_64-linux

DEPENDENCIES
  activerecord (~> 6.1.7.1)
  arxutils_sqlite3 (~> 0.1.59)
  bundler
  enop!
  evernote_oauth (~> 0.2.3)
  rake (~> 13.0.6)
  rspec (~> 3.11.0)
  rubocop (~> 1.59.0)
  rubocop-rake (~> 0.6.0)
  rubocop-rspec (~> 2.13.2)
  yard (~> 0.9.34)
  ykutils (~> 0.1.7)
  ykxutils (~> 0.1.7)

BUNDLED WITH
   2.4.6
